GEM
  remote: http://rubygems.org/
  specs:
    json (1.7.5)
    rack (1.4.1)
    rack-protection (1.3.2)
      rack
    sass (3.2.3)
    sinatra (1.3.3)
      rack (~> 1.3, >= 1.3.6)
      rack-protection (~> 1.2)
      tilt (~> 1.3, >= 1.3.3)
    sinatra-content-for2 (0.3)
      sinatra
    slim (1.3.5)
      temple (~> 0.5.5)
      tilt (~> 1.3.3)
    temple (0.5.5)
    tilt (1.3.3)

PLATFORMS
  x86-mingw32

DEPENDENCIES
  json
  sass
  sinatra
  sinatra-content-for2
  slim
